GEM
  remote: https://rubygems.org/
  specs:
    coderay (1.1.0)
    method_source (0.8.2)
    pry (0.10.0)
      coderay (~> 1.1.0)
      method_source (~> 0.8.1)
      slop (~> 3.4)
    sequel (4.12.0)
    slop (3.5.0)
    sqlite3 (1.3.9)

PLATFORMS
  ruby

DEPENDENCIES
  pry
  sequel
  sqlite3
