PATH
  remote: .
  specs:
    gammo-analyzer (0.0.1)
      pry
      sequel
      sqlite3

GEM
  remote: https://rubygems.org/
  specs:
    coderay (1.1.0)
    method_source (0.8.2)
    pry (0.10.0)
      coderay (~> 1.1.0)
      method_source (~> 0.8.1)
      slop (~> 3.4)
    rake (10.3.2)
    sequel (4.13.0)
    slop (3.5.0)
    sqlite3 (1.3.9)

PLATFORMS
  ruby

DEPENDENCIES
  bundler (~> 1.6)
  gammo-analyzer!
  rake (~> 10.0)
